RESTRICTION: == net47
NUGET
  remote: https://www.nuget.org/api/v2
    dotless (1.5.1)
    DotNetZip (1.9)
    EcmaScript.Net (1.0.1)
    Microsoft.Web.Infrastructure (1.0)
    NUnit (2.6.4)
    Serilog (1.5.14)
    Serilog.Exceptions (1.2)
      Serilog (>= 1.5.14)
    YUICompressor.NET (2.3)
      EcmaScript.Net (>= 1.0.1)
  remote: https://www.myget.org/F/unidays-release/auth/4a06a70f-8e94-4c3a-87f9-00070270bc74/api/v3/index.json
    MuonLab.Validation (1.2.4)
    NanoIoC (2.0.4)
    UD.Web.Razor (1.0.5)

GROUP Build
NUGET
  remote: https://www.nuget.org/api/v2
    ILRepack (2.0.15)
    NUnit.Runners.Net4 (2.6.4)
