RESTRICTION: == net472
NUGET
  remote: https://www.nuget.org/api/v2
    Brotli.NET (1.0.19)
    Castle.Core (4.3.1)
    dotless.Core (1.6.7)
      Microsoft.Extensions.DependencyInjection (>= 2.1.1)
    DotNetZip (1.13)
    EcmaScript.NET (2.0)
      System.Reflection.Emit (>= 4.3)
    libsassnet (3.3.7-alpha-2)
    Microsoft.AspNetCore.Html.Abstractions (2.1.1)
      System.Text.Encodings.Web (>= 4.5)
    Microsoft.AspNetCore.Mvc.Razor.Extensions (2.1.2)
      Microsoft.AspNetCore.Razor.Language (>= 2.1.2)
      Microsoft.CodeAnalysis.Razor (>= 2.1.2)
    Microsoft.AspNetCore.Razor (2.1.2)
      Microsoft.AspNetCore.Html.Abstractions (>= 2.1.1)
    Microsoft.AspNetCore.Razor.Language (2.1.2)
    Microsoft.AspNetCore.Razor.Runtime (2.1.2)
      Microsoft.AspNetCore.Html.Abstractions (>= 2.1.1)
      Microsoft.AspNetCore.Razor (>= 2.1.2)
    Microsoft.CodeAnalysis (2.8)
      Microsoft.CodeAnalysis.CSharp.Workspaces (2.8)
      Microsoft.CodeAnalysis.VisualBasic.Workspaces (2.8)
    Microsoft.CodeAnalysis.Analyzers (2.6.3)
    Microsoft.CodeAnalysis.Common (2.8)
      Microsoft.CodeAnalysis.Analyzers (>= 1.1)
      System.AppContext (>= 4.3)
      System.Collections (>= 4.3)
      System.Collections.Concurrent (>= 4.3)
      System.Collections.Immutable (>= 1.3.1)
      System.Console (>= 4.3)
      System.Diagnostics.Debug (>= 4.3)
      System.Diagnostics.FileVersionInfo (>= 4.3)
      System.Diagnostics.StackTrace (>= 4.3)
      System.Diagnostics.Tools (>= 4.3)
      System.Dynamic.Runtime (>= 4.3)
      System.Globalization (>= 4.3)
      System.IO.Compression (>= 4.3)
      System.IO.FileSystem (>= 4.3)
      System.IO.FileSystem.Primitives (>= 4.3)
      System.Linq (>= 4.3)
      System.Linq.Expressions (>= 4.3)
      System.Reflection (>= 4.3)
      System.Reflection.Metadata (>= 1.4.2)
      System.Resources.ResourceManager (>= 4.3)
      System.Runtime (>= 4.3)
      System.Runtime.Extensions (>= 4.3)
      System.Runtime.InteropServices (>= 4.3)
      System.Runtime.Numerics (>= 4.3)
      System.Security.Cryptography.Algorithms (>= 4.3)
      System.Security.Cryptography.Encoding (>= 4.3)
      System.Security.Cryptography.X509Certificates (>= 4.3)
      System.Text.Encoding (>= 4.3)
      System.Text.Encoding.CodePages (>= 4.3)
      System.Text.Encoding.Extensions (>= 4.3)
      System.Threading (>= 4.3)
      System.Threading.Tasks (>= 4.3)
      System.Threading.Tasks.Parallel (>= 4.3)
      System.Threading.Thread (>= 4.3)
      System.ValueTuple (>= 4.3)
      System.Xml.ReaderWriter (>= 4.3)
      System.Xml.XDocument (>= 4.3)
      System.Xml.XmlDocument (>= 4.3)
      System.Xml.XPath.XDocument (>= 4.3)
    Microsoft.CodeAnalysis.CSharp (2.8)
      Microsoft.CodeAnalysis.Common (2.8)
    Microsoft.CodeAnalysis.CSharp.Workspaces (2.8)
      Microsoft.CodeAnalysis.CSharp (2.8)
      Microsoft.CodeAnalysis.Workspaces.Common (2.8)
    Microsoft.CodeAnalysis.Razor (2.1.2)
      Microsoft.AspNetCore.Razor.Language (>= 2.1.2)
      Microsoft.CodeAnalysis.Common (>= 2.8)
      Microsoft.CodeAnalysis.CSharp (>= 2.8)
      System.Runtime.InteropServices.RuntimeInformation (>= 4.3)
    Microsoft.CodeAnalysis.VisualBasic (2.8)
      Microsoft.CodeAnalysis.Common (>= 2.8)
    Microsoft.CodeAnalysis.VisualBasic.Workspaces (2.8)
      Microsoft.CodeAnalysis.VisualBasic (2.8)
      Microsoft.CodeAnalysis.Workspaces.Common (2.8)
    Microsoft.CodeAnalysis.Workspaces.Common (2.8)
      Microsoft.CodeAnalysis.Common (2.8)
      System.Composition (>= 1.0.31)
    Microsoft.CodeDom.Providers.DotNetCompilerPlatform (2.0.1) - import_targets: false
    Microsoft.Extensions.DependencyInjection (2.2)
      Microsoft.Extensions.DependencyInjection.Abstractions (>= 2.2)
    Microsoft.Extensions.DependencyInjection.Abstractions (2.2)
    MuonLab.Validation (1.4.5)
    NanoIoC (2.1.9)
    Newtonsoft.Json (11.0.2)
    NSubstitute (3.1)
      Castle.Core (>= 4.2)
      System.Threading.Tasks.Extensions (>= 4.3)
    Serilog (2.8)
    Serilog.Exceptions (5.0)
      Serilog (>= 2.5)
    System.AppContext (4.3)
    System.Buffers (4.5)
    System.Collections (4.3)
    System.Collections.Concurrent (4.3)
    System.Collections.Immutable (1.5)
    System.Composition (1.2)
      System.Composition.AttributedModel (>= 1.2)
      System.Composition.Convention (>= 1.2)
      System.Composition.Hosting (>= 1.2)
      System.Composition.Runtime (>= 1.2)
      System.Composition.TypedParts (>= 1.2)
    System.Composition.AttributedModel (1.2)
    System.Composition.Convention (1.2)
      System.Composition.AttributedModel (>= 1.2)
    System.Composition.Hosting (1.2)
      System.Composition.Runtime (>= 1.2)
    System.Composition.Runtime (1.2)
    System.Composition.TypedParts (1.2)
      System.Composition.AttributedModel (>= 1.2)
      System.Composition.Hosting (>= 1.2)
      System.Composition.Runtime (>= 1.2)
    System.Console (4.3.1)
    System.Diagnostics.Debug (4.3)
    System.Diagnostics.FileVersionInfo (4.3)
    System.Diagnostics.StackTrace (4.3)
    System.Diagnostics.Tools (4.3)
    System.Dynamic.Runtime (4.3)
    System.Globalization (4.3)
    System.IO (4.3)
    System.IO.Compression (4.3)
    System.IO.FileSystem (4.3)
      System.IO.FileSystem.Primitives (>= 4.3)
    System.IO.FileSystem.Primitives (4.3)
    System.Linq (4.3)
    System.Linq.Expressions (4.3)
    System.Reflection (4.3)
    System.Reflection.Emit (4.3)
    System.Reflection.Metadata (1.6)
      System.Collections.Immutable (>= 1.5)
    System.Resources.ResourceManager (4.3)
    System.Runtime (4.3)
    System.Runtime.CompilerServices.Unsafe (4.5.2)
    System.Runtime.Extensions (4.3)
    System.Runtime.InteropServices (4.3)
      System.Runtime (>= 4.3)
    System.Runtime.InteropServices.RuntimeInformation (4.3)
    System.Runtime.Numerics (4.3)
    System.Security.Cryptography.Algorithms (4.3.1)
      System.IO (>= 4.3)
      System.Runtime (>= 4.3)
      System.Security.Cryptography.Encoding (>= 4.3)
      System.Security.Cryptography.Primitives (>= 4.3)
    System.Security.Cryptography.Encoding (4.3)
    System.Security.Cryptography.Primitives (4.3)
    System.Security.Cryptography.X509Certificates (4.3.2)
      System.Security.Cryptography.Algorithms (>= 4.3)
      System.Security.Cryptography.Encoding (>= 4.3)
    System.Text.Encoding (4.3)
    System.Text.Encoding.CodePages (4.5.1)
      System.Runtime.CompilerServices.Unsafe (>= 4.5.2)
    System.Text.Encoding.Extensions (4.3)
    System.Text.Encodings.Web (4.5)
    System.Threading (4.3)
    System.Threading.Tasks (4.3)
    System.Threading.Tasks.Extensions (4.5.2)
      System.Runtime.CompilerServices.Unsafe (>= 4.5.2)
    System.Threading.Tasks.Parallel (4.3)
    System.Threading.Thread (4.3)
    System.ValueTuple (4.5)
    System.Xml.ReaderWriter (4.3.1)
    System.Xml.XDocument (4.3)
    System.Xml.XmlDocument (4.3)
    System.Xml.XPath (4.3)
    System.Xml.XPath.XDocument (4.3)
      System.Xml.XPath (>= 4.3)
    xunit (2.4.1)
      xunit.analyzers (>= 0.10)
      xunit.assert (2.4.1)
      xunit.core (2.4.1)
    xunit.abstractions (2.0.3)
    xunit.analyzers (0.10)
    xunit.assert (2.4.1)
    xunit.core (2.4.1)
      xunit.extensibility.core (2.4.1)
      xunit.extensibility.execution (2.4.1)
    xunit.extensibility.core (2.4.1)
      xunit.abstractions (>= 2.0.3)
    xunit.extensibility.execution (2.4.1)
      xunit.extensibility.core (2.4.1)
    YUICompressor.NET (3.0)
      EcmaScript.NET (>= 2.0)

GROUP BuildTools
NUGET
  remote: https://www.nuget.org/api/v2
    NUnit.Runners.Net4 (2.6.4)
