RESTRICTION: == net47
NUGET
  remote: https://www.nuget.org/api/v2
    Brotli.NET (1.0.19)
    Castle.Core (4.3.1)
    dotless (1.5.1)
    DotNetZip (1.9)
    EcmaScript.NET (2.0)
      System.Reflection.Emit (>= 4.3)
    FluentAssertions (5.4.2)
    Microsoft.AspNet.Razor (3.2.6)
    Microsoft.CodeDom.Providers.DotNetCompilerPlatform (2.0) - import_targets: false
    MuonLab.Validation (1.4.5)
    NanoIoC (2.1.6)
    Newtonsoft.Json (10.0.3)
    NSubstitute (3.1)
      Castle.Core (>= 4.2)
      System.Threading.Tasks.Extensions (>= 4.3)
    NUnit (2.6.4)
    Serilog (1.5.14)
    Serilog.Exceptions (1.2)
      Serilog (>= 1.5.14)
    System.Reflection.Emit (4.3)
    System.Runtime.CompilerServices.Unsafe (4.5.1)
    System.Threading.Tasks.Extensions (4.5.1)
      System.Runtime.CompilerServices.Unsafe (>= 4.5)
    YUICompressor.NET (3.0)
      EcmaScript.NET (>= 2.0)

GROUP BuildTools
NUGET
  remote: https://www.nuget.org/api/v2
    NUnit.Runners.Net4 (2.6.4)
